PATH
  remote: .
  specs:
    blinky-cloud (1.0.0)
      blinky-tape-test-status
      celluloid-io

GEM
  remote: https://rubygems.org/
  specs:
    blinky-tape-test-status (1.1.0)
      serialport
    celluloid (0.15.2)
      timers (~> 1.1.0)
    celluloid-io (0.15.0)
      celluloid (>= 0.15.0)
      nio4r (>= 0.5.0)
    nio4r (1.0.0)
    serialport (1.3.0)
    timers (1.1.0)

PLATFORMS
  ruby

DEPENDENCIES
  blinky-cloud!
