GEM
  remote: https://rubygems.org/
  specs:
    blinky-tape-test-status (1.0.0)
      serialport
    serialport (1.3.0)

PLATFORMS
  ruby

DEPENDENCIES
  blinky-tape-test-status
