PATH
  remote: .
  specs:
    blinky-cloud (1.1.2)
      blinky-tape-test-status

GEM
  remote: https://rubygems.org/
  specs:
    blinky-tape-test-status (1.1.0)
      serialport
    serialport (1.3.0)

PLATFORMS
  ruby

DEPENDENCIES
  blinky-cloud!
